GEM
  remote: https://rubygems.org/
  specs:
    jasmine (2.2.0)
      jasmine-core (~> 2.2)
      phantomjs
      rack (>= 1.2.1)
      rake
    jasmine-core (2.3.0)
    phantomjs (1.9.8.0)
    rack (1.6.0)
    rake (10.4.2)

PLATFORMS
  ruby

DEPENDENCIES
  jasmine (~> 2.2.0)
